GEM
  remote: http://rubygems.org/
  specs:
    RedCloth (4.2.3)
    abstract (1.0.0)
    archive-tar-minitar (0.5.2)
    builder (2.1.2)
    coffee-script (0.3.2)
    columnize (0.3.2)
    compass (0.10.2)
      haml (>= 3.0.4)
    contest (0.1.2)
    daemons (1.0.10)
    diff-lcs (1.1.2)
    erubis (2.6.6)
      abstract (>= 1.0.0)
    gem_plugin (0.2.3)
    gemcutter (0.6.1)
    git (1.2.5)
    haml (3.0.13)
    jeweler (1.4.0)
      gemcutter (>= 0.1.0)
      git (>= 1.2.5)
      rubyforge (>= 2.0.0)
    json_pure (1.4.3)
    less (1.2.21)
      mutter (>= 0.4.2)
      treetop (>= 1.4.2)
    linecache19 (0.5.12)
      ruby_core_source (>= 0.1.4)
    liquid (2.1.2)
    mongrel (1.2.0.pre2)
      daemons (~> 1.0.10)
      gem_plugin (~> 0.2.3)
    mutter (0.5.3)
    net-scp (1.0.1)
      net-ssh (>= 1.99.1)
    net-ssh (2.0.23)
    polyglot (0.3.1)
    rack (1.2.1)
    rack-test (0.5.4)
      rack (>= 1.0)
    rake (0.8.7)
    rdiscount (1.6.5)
    rspec (2.6.0)
      rspec-core (~> 2.6.0)
      rspec-expectations (~> 2.6.0)
      rspec-mocks (~> 2.6.0)
    rspec-core (2.6.4)
    rspec-expectations (2.6.0)
      diff-lcs (~> 1.1.2)
    rspec-mocks (2.6.0)
    ruby-debug-base19 (0.11.25)
      columnize (>= 0.3.1)
      linecache19 (>= 0.5.11)
      ruby_core_source (>= 0.1.4)
    ruby-debug19 (0.11.6)
      columnize (>= 0.3.1)
      linecache19 (>= 0.5.11)
      ruby-debug-base19 (>= 0.11.19)
    ruby_core_source (0.1.5)
      archive-tar-minitar (>= 0.5.2)
    rubyforge (2.0.4)
      json_pure (>= 1.1.7)
    tilt (0.9)
    treetop (1.4.8)
      polyglot (>= 0.3.1)

PLATFORMS
  ruby

DEPENDENCIES
  RedCloth
  builder
  coffee-script
  compass (>= 0.10.2)
  contest
  erubis
  haml (>= 3.0)
  jeweler
  less
  liquid
  mongrel (>= 1.2.0.pre2)
  net-scp (>= 1.0)
  net-ssh (>= 2.0)
  rack (>= 1.0)
  rack-test (>= 0.5)
  rake
  rdiscount
  rspec (>= 2.0.0.beta.19)
  ruby-debug19
  tilt (= 0.9)
